GIT
  remote: https://github.com/cldwalker/ripl-misc
  revision: ef784ff726c514e982da87c3e8c617d79f5f40e3
  specs:
    ripl-misc (0.1.0)

GEM
  remote: https://rubygems.org/
  specs:
    alias (0.2.3)
    bond (0.5.1)
    boson (1.3.0)
    boson-more (0.3.1)
      boson (>= 1.3.0)
    hirb (0.7.3)
    lightning (0.4.1)
    menu (0.1.0)
    method_lister (0.3.2)
    ripl (0.7.1)
      bond (~> 0.5.1)
    ripl-after_rc (0.1.0)
      ripl (>= 0.2.0)
    ripl-color_error (0.1.1)
      ripl (>= 0.2.0)
    ripl-commands (0.2.1)
      ripl (>= 0.2.9)
    ripl-i18n (0.3.2)
      ripl (>= 0.5.0)
    ripl-ripper (0.1.0)
      ripl (>= 0.3.3)
    ruby-termios (0.9.6)

PLATFORMS
  ruby

DEPENDENCIES
  alias
  bond
  boson
  boson-more
  hirb
  lightning
  menu
  method_lister
  ripl
  ripl-after_rc
  ripl-color_error
  ripl-commands
  ripl-i18n
  ripl-misc!
  ripl-ripper
  ruby-termios

BUNDLED WITH
   1.10.6
